GEM
  remote: https://rubygems.org/
  specs:
    AXElements (6.0.0)
      accessibility_core (~> 0.4.1)
      accessibility_keyboard (~> 1.0.0)
      activesupport (~> 4.0.1)
      mouse (~> 2.0.0)
      screen_recorder (~> 0.1.5)
    accessibility_core (0.4.3)
    accessibility_keyboard (1.0.0)
    activesupport (4.0.12)
      i18n (~> 0.6, >= 0.6.9)
      minitest (~> 4.2)
      multi_json (~> 1.3)
      thread_safe (~> 0.1)
      tzinfo (~> 0.3.37)
    i18n (0.6.11)
    minitest (4.7.5)
    mouse (2.0.1)
    multi_json (1.10.1)
    screen_recorder (0.1.6)
    terminal-notifier (1.6.2)
    thread_safe (0.3.4)
    tzinfo (0.3.42)

PLATFORMS
  ruby

DEPENDENCIES
  AXElements
  terminal-notifier
